GEM
  remote: https://rubygems.org/
  specs:
    psych (3.3.2)
    safe_yaml (1.0.5)

PLATFORMS
  ruby

DEPENDENCIES
  psych (~> 3.3, >= 3.3.2)
  safe_yaml (~> 1.0, >= 1.0.5)

BUNDLED WITH
   2.2.22
