GEM
  remote: https://rubygems.org/
  specs:
    msgpack (1.4.2)

PLATFORMS
  ruby

DEPENDENCIES
  msgpack (~> 1.4, >= 1.4.2)

BUNDLED WITH
   2.2.22
